PATH
  remote: .
  specs:
    engineyard-jenkins (0.5.0)
      engineyard (~> 1.3.17)
      jenkins (~> 0.6.4)
      thor (~> 0.14.6)

GEM
  remote: http://rubygems.org/
  specs:
    awesome_print (0.3.2)
    builder (2.1.2)
    crack (0.1.8)
    cucumber (0.9.4)
      builder (~> 2.1.2)
      diff-lcs (~> 1.1.2)
      gherkin (~> 2.2.9)
      json (~> 1.4.6)
      term-ansicolor (~> 1.0.5)
    diff-lcs (1.1.2)
    engineyard (1.3.20)
      engineyard-serverside-adapter (= 1.4.1)
      escape (~> 0.0.4)
      highline (~> 1.6.1)
      json_pure
      net-ssh (~> 2.1.0)
      rest-client (~> 1.6.0)
      thor (~> 0.14.6)
    engineyard-serverside-adapter (1.4.1)
      escape (~> 0.0.4)
      json_pure
    escape (0.0.4)
    fakeweb (1.3.0)
    gherkin (2.2.9)
      json (~> 1.4.6)
      term-ansicolor (~> 1.0.5)
    highline (1.6.2)
    hpricot (0.8.4)
    httparty (0.6.1)
      crack (= 0.1.8)
    jenkins (0.6.4)
      builder (~> 2.1.2)
      hpricot
      httparty (~> 0.6.1)
      json_pure (>= 1.5.1)
      term-ansicolor (>= 1.0.4)
      thor (~> 0.14.2)
    json (1.4.6)
    json_pure (1.5.3)
    mime-types (1.16)
    net-ssh (2.1.4)
    open4 (1.0.1)
    rack (1.2.1)
    rake (0.8.7)
    realweb (0.1.6)
      rack (>= 1.1.0)
    rest-client (1.6.3)
      mime-types (>= 1.16)
    rspec (2.1.0)
      rspec-core (~> 2.1.0)
      rspec-expectations (~> 2.1.0)
      rspec-mocks (~> 2.1.0)
    rspec-core (2.1.0)
    rspec-expectations (2.1.0)
      diff-lcs (~> 1.1.2)
    rspec-mocks (2.1.0)
    sinatra (1.2.0)
      rack (~> 1.1)
      tilt (< 2.0, >= 1.2.2)
    term-ansicolor (1.0.5)
    thor (0.14.6)
    tilt (1.2.2)

PLATFORMS
  ruby

DEPENDENCIES
  awesome_print
  cucumber (~> 0.9.4)
  engineyard-jenkins!
  fakeweb (~> 1.3.0)
  json (~> 1.4.0)
  open4
  rake (~> 0.8.7)
  realweb (~> 0.1.6)
  rspec (~> 2.1.0)
  sinatra
